PATH
  remote: .
  specs:
    weather (1.0.0)

GEM
  remote: https://rubygems.org/
  specs:
    byebug (9.0.6)

PLATFORMS
  ruby

DEPENDENCIES
  byebug
  weather!

BUNDLED WITH
   1.12.5
